PATH
  remote: .
  specs:
    communicator (0.1.0)
      activerecord (< 3.0.0)
      httparty (>= 0.6.1)
      json (>= 1.4.0)
      sinatra (~> 1.1.0)

GEM
  remote: http://rubygems.org/
  specs:
    activerecord (2.3.10)
      activesupport (= 2.3.10)
    activesupport (2.3.10)
    crack (0.1.8)
    factory_girl (1.3.2)
    httparty (0.6.1)
      crack (= 0.1.8)
    json (1.4.6)
    rack (1.2.1)
    rack-test (0.5.6)
      rack (>= 1.0)
    shoulda (2.10.3)
    sinatra (1.1.0)
      rack (~> 1.1)
      tilt (~> 1.1)
    sqlite3-ruby (1.3.2)
    tilt (1.1)

PLATFORMS
  ruby

DEPENDENCIES
  activerecord (< 3.0.0)
  bundler (>= 1.0.0)
  communicator!
  factory_girl (>= 1.2.3)
  httparty (>= 0.6.1)
  json (>= 1.4.0)
  rack-test (>= 0.5.6)
  shoulda (= 2.10.3)
  sinatra (~> 1.1.0)
  sqlite3-ruby (>= 1.3.0)
